GIT
  remote: git://github.com/agquick/boxchief.git
  revision: 300bd81b9b1de3df967edad02f6ff99256658362
  tag: v0.1.7
  specs:
    boxchief (0.1.7)
      faraday (~> 0.9.0)
      sys-filesystem (~> 1.1.3)
      sys-proctable (~> 0.9.4)
      usagewatch (~> 0.0.7)

GEM
  remote: http://rubygems.org/
  specs:
    faraday (0.9.0)
      multipart-post (>= 1.2, < 3)
    ffi (1.9.6)
    multipart-post (2.0.0)
    sys-filesystem (1.1.3)
      ffi
    sys-proctable (0.9.4)
    usagewatch (0.0.7)

PLATFORMS
  ruby

DEPENDENCIES
  boxchief!
