GIT
  remote: git://github.com/agquick/boxchief.git
  revision: c2e63224864339f86988b7412d15095deffdcd39
  tag: v0.1.6
  specs:
    boxchief (0.1.6)
      faraday (~> 0.9.0)
      sys-proctable (~> 0.9.4)
      usagewatch (~> 0.0.7)

GEM
  remote: http://rubygems.org/
  specs:
    faraday (0.9.0)
      multipart-post (>= 1.2, < 3)
    multipart-post (2.0.0)
    sys-proctable (0.9.4)
    usagewatch (0.0.7)

PLATFORMS
  ruby

DEPENDENCIES
  boxchief!
